GEM
  remote: https://rubygems.org/
  specs:
    byebug (11.1.3)
    coderay (1.1.3)
    erubi (1.12.0)
    method_source (1.1.0)
    netrc (0.11.0)
    parallel (1.24.0)
    pastel (0.8.0)
      tty-color (~> 0.5)
    prism (0.24.0)
    pry (0.14.2)
      coderay (~> 1.1)
      method_source (~> 1.0)
    pry-byebug (3.10.1)
      byebug (~> 11.0)
      pry (>= 0.13, < 0.15)
    rbi (0.1.10)
      prism (>= 0.18.0, < 0.25)
      sorbet-runtime (>= 0.5.9204)
    sorbet (0.5.11347)
      sorbet-static (= 0.5.11347)
    sorbet-runtime (0.5.11347)
    sorbet-static (0.5.11347-universal-darwin)
    sorbet-static-and-runtime (0.5.11347)
      sorbet (= 0.5.11347)
      sorbet-runtime (= 0.5.11347)
    spoom (1.3.0)
      erubi (>= 1.10.0)
      prism (>= 0.19.0)
      sorbet-static-and-runtime (>= 0.5.10187)
      thor (>= 0.19.2)
    strings (0.2.1)
      strings-ansi (~> 0.2)
      unicode-display_width (>= 1.5, < 3.0)
      unicode_utils (~> 1.4)
    strings-ansi (0.2.0)
    tapioca (0.13.3)
      bundler (>= 2.2.25)
      netrc (>= 0.11.0)
      parallel (>= 1.21.0)
      rbi (>= 0.1.4, < 0.2)
      sorbet-static-and-runtime (>= 0.5.11087)
      spoom (>= 1.2.0)
      thor (>= 1.2.0)
      yard-sorbet
    thor (1.3.1)
    tty-box (0.7.0)
      pastel (~> 0.8)
      strings (~> 0.2.0)
      tty-cursor (~> 0.7)
    tty-color (0.6.0)
    tty-cursor (0.7.1)
    tty-prompt (0.23.1)
      pastel (~> 0.8)
      tty-reader (~> 0.8)
    tty-reader (0.9.0)
      tty-cursor (~> 0.7)
      tty-screen (~> 0.8)
      wisper (~> 2.0)
    tty-screen (0.8.2)
    unicode-display_width (2.5.0)
    unicode_utils (1.4.0)
    wisper (2.0.1)
    yard (0.9.36)
    yard-sorbet (0.8.1)
      sorbet-runtime (>= 0.5)
      yard (>= 0.9)

PLATFORMS
  arm64-darwin-23

DEPENDENCIES
  pastel
  pry-byebug
  sorbet
  sorbet-runtime
  tapioca
  tty-box
  tty-prompt
  tty-screen

BUNDLED WITH
   2.4.22
